RESTRICTION: >= net45
NUGET
  remote: https://www.nuget.org/api/v2
    Castle.Core (4.2.1)
    FSharp.Core (4.0.0.1) - redirects: force
    FSharp.Desktop.UI (0.7.1)
      Castle.Core (>= 3.3.3)
      Rx-Main (>= 2.2.5)
    FSharp.ViewModule.Core (1.0)
      FSharp.Core
    Gjallarhorn (1.1)
      FSharp.Core (>= 4.0.0.1)
    Gjallarhorn.Bindable (0.11)
      FSharp.Core (4.0.0.1)
      Gjallarhorn (>= 0.11)
    Gjallarhorn.Bindable.Wpf (0.11)
      FSharp.Core (4.0.0.1)
      Gjallarhorn (>= 0.11)
      Gjallarhorn.Bindable (>= 0.11)
    Rx-Core (2.2.5)
      Rx-Interfaces (>= 2.2.5)
    Rx-Interfaces (2.2.5)
    Rx-Linq (2.2.5)
      Rx-Core (>= 2.2.5)
      Rx-Interfaces (>= 2.2.5)
    Rx-Main (2.2.5)
      Rx-Core (>= 2.2.5)
      Rx-Interfaces (>= 2.2.5)
      Rx-Linq (>= 2.2.5)
      Rx-PlatformServices (>= 2.2.5)
    Rx-PlatformServices (2.3)
      Rx-Core (>= 2.2)
      Rx-Interfaces (>= 2.2)
    System.Windows.Interactivity.WPF (2.0.20525)

GROUP Build
RESTRICTION: >= net45
NUGET
  remote: https://www.nuget.org/api/v2
    FAKE (4.63.2)
    FSharp.Compiler.Service (2.0.0.6)
    FSharp.Formatting (2.14.4)
      FSharp.Compiler.Service (2.0.0.6)
      FSharpVSPowerTools.Core (>= 2.3 < 2.4)
    FSharpVSPowerTools.Core (2.3)
      FSharp.Compiler.Service (>= 2.0.0.3)
    NuGet.CommandLine (4.3)
    Octokit (0.27)
    SourceLink.Fake (1.1)
GITHUB
  remote: fsharp/FAKE
    modules/Octokit/Octokit.fsx (838f43e1e6ac18014b2515799fe7fa0e23186fbc)
      Octokit (>= 0.20)
  remote: fsprojects/FSharp.TypeProviders.StarterPack
    src/ProvidedTypes.fs (1928dbfca0f2f1eb26723cdb3f9a5cf493430bc0)
    src/ProvidedTypes.fsi (1928dbfca0f2f1eb26723cdb3f9a5cf493430bc0)
    src/ProvidedTypesTesting.fs (1928dbfca0f2f1eb26723cdb3f9a5cf493430bc0)
GROUP Test
RESTRICTION: >= net45
NUGET
  remote: https://www.nuget.org/api/v2
    Castle.Core (4.2.1)
    NUnit (2.6.4)
    NUnit.Runners (2.6.4)
    TestStack.White (0.13.3)
      Castle.Core (>= 3.3)
